GEM
  remote: http://rubygems.org/
  specs:
    bcrypt-ruby (2.1.4)
    commander (4.0.4)
      highline (>= 1.5.0)
    crack (0.1.8)
    defensio (0.9.1)
      httparty (>= 0.5.0)
    highline (1.6.2)
    httparty (0.7.7)
      crack (= 0.1.8)
    innate (2011.04)
      rack (>= 1.1.0)
    json (1.5.1)
    rack (1.3.0)
    rake (0.9.0)
    ramaze (2011.01.30)
      innate (>= 2010.03)
    rdiscount (1.6.8)
    sequel (3.23.0)
    sequel_sluggable (0.0.6)
      sequel (>= 3.0.0)
    zen (0.2.5)
      bcrypt-ruby (>= 2.1.4)
      commander (>= 4.0.4)
      defensio (>= 0.9.1)
      json (>= 1.5.1)
      rake (>= 0.8.7)
      ramaze (>= 2011.01.30)
      sequel (>= 3.20.0)
      sequel_sluggable (>= 0.0.6)

PLATFORMS
  ruby

DEPENDENCIES
  rdiscount (>= 1.6.8)
  zen (= 0.2.5)
