GEM
  remote: https://rubygems.org/
  specs:
    adsf (1.1.1)
      rack (>= 1.0.0)
    builder (3.1.4)
    coderay (1.0.8)
    colored (1.2)
    cri (2.3.0)
      colored (>= 1.2)
    mime-types (1.21)
    nanoc (3.5.0)
      cri (~> 2.2)
    nokogiri (1.5.6)
    rack (1.5.2)
    rake (10.0.3)
    rdiscount (2.1.6)
    redcarpet (2.2.2)
    sass (3.2.5)
    systemu (2.5.2)
    yard (0.8.6.2)

PLATFORMS
  ruby

DEPENDENCIES
  adsf
  builder
  coderay
  mime-types
  nanoc
  nokogiri
  rake
  rdiscount
  redcarpet
  sass
  systemu
  yard
