GEM
  remote: http://rubygems.org/
  specs:
    builder (3.0.0)
    haml (3.0.25)
    innate (2010.11.12)
      rack (>= 1.1.0)
    maruku (0.6.0)
      syntax (>= 1.0.0)
    rack (1.2.1)
    ramaze (2010.12.05)
      innate (>= 2010.03)
    syntax (1.0.0)

PLATFORMS
  ruby

DEPENDENCIES
  builder
  haml
  maruku
  ramaze
